GIT
  remote: git://github.com/pavolzbell/bump.git
  revision: 8b7125e4f539f068b7c038e44a06e75bd12aa50e
  specs:
    bump (0.0.2)

GIT
  remote: git://github.com/smolnar/scout.git
  revision: d7c94e47e0f3ef671980c592268fafd303970aa9
  specs:
    scout (0.3.1)
      activesupport (>= 4.0.0)
      curb (~> 0.8.4)
      sidekiq (~> 2.15.2)
      squire (>= 1.2.1)

GEM
  remote: https://rubygems.org/
  specs:
    actionmailer (4.1.0)
      actionpack (= 4.1.0)
      actionview (= 4.1.0)
      mail (~> 2.5.4)
    actionpack (4.1.0)
      actionview (= 4.1.0)
      activesupport (= 4.1.0)
      rack (~> 1.5.2)
      rack-test (~> 0.6.2)
    actionview (4.1.0)
      activesupport (= 4.1.0)
      builder (~> 3.1)
      erubis (~> 2.7.0)
    actionview-encoded_mail_to (1.0.5)
      rails
    active_model_serializers (0.9.0)
      activemodel (>= 3.2)
    activemodel (4.1.0)
      activesupport (= 4.1.0)
      builder (~> 3.1)
    activerecord (4.1.0)
      activemodel (= 4.1.0)
      activesupport (= 4.1.0)
      arel (~> 5.0.0)
    activerecord-custom_timestamps (0.2.0)
      activerecord (>= 3.1, < 5)
    activerecord-import (0.6.0)
      activerecord (>= 3.0)
    activesupport (4.1.0)
      i18n (~> 0.6, >= 0.6.9)
      json (~> 1.7, >= 1.7.7)
      minitest (~> 5.1)
      thread_safe (~> 0.1)
      tzinfo (~> 1.1)
    addressable (2.3.6)
    arel (5.0.1.20140414130214)
    attr_required (1.0.0)
    bcrypt (3.1.9)
    bcrypt-ruby (3.1.5)
      bcrypt (>= 3.1.3)
    bootstrap-datepicker-rails (1.3.0.2)
      railties (>= 3.0)
    bootstrap-sass (3.1.1.1)
      sass (~> 3.2)
    builder (3.2.2)
    cal-heatmap-rails (0.0.1)
    cancan (1.6.10)
    capistrano (2.15.5)
      highline
      net-scp (>= 1.0.0)
      net-sftp (>= 2.0.0)
      net-ssh (>= 2.0.14)
      net-ssh-gateway (>= 1.1.0)
    capistrano-ext (1.2.1)
      capistrano (>= 1.0.0)
    capybara (2.2.1)
      mime-types (>= 1.16)
      nokogiri (>= 1.3.3)
      rack (>= 1.0.0)
      rack-test (>= 0.5.4)
      xpath (~> 2.0)
    celluloid (0.16.0)
      timers (~> 4.0.0)
    childprocess (0.5.5)
      ffi (~> 1.0, >= 1.0.11)
    chronic (0.10.2)
    cliver (0.3.2)
    codeclimate-test-reporter (0.4.1)
      simplecov (>= 0.7.1, < 1.0.0)
    coderay (1.1.0)
    coffee-rails (4.0.1)
      coffee-script (>= 2.2.0)
      railties (>= 4.0.0, < 5.0)
    coffee-script (2.3.0)
      coffee-script-source
      execjs
    coffee-script-source (1.8.0)
    columnize (0.8.9)
    connection_pool (2.2.0)
    css_parser (1.3.5)
      addressable
    curb (0.8.8)
    d3_rails (3.4.13)
      railties (>= 3.1.0)
    database_cleaner (1.2.0)
    debugger (1.6.8)
      columnize (>= 0.3.1)
      debugger-linecache (~> 1.2.0)
      debugger-ruby_core_source (~> 1.3.5)
    debugger-linecache (1.2.0)
    debugger-ruby_core_source (1.3.7)
    devise (3.1.2)
      bcrypt-ruby (~> 3.0)
      orm_adapter (~> 0.1)
      railties (>= 3.2.6, < 5)
      thread_safe (~> 0.1)
      warden (~> 1.2.3)
    diff-lcs (1.2.5)
    docile (1.1.5)
    elasticsearch (1.0.6)
      elasticsearch-api (= 1.0.6)
      elasticsearch-transport (= 1.0.6)
    elasticsearch-api (1.0.6)
      multi_json
    elasticsearch-transport (1.0.6)
      faraday
      multi_json
    erubis (2.7.0)
    exception_notification (4.0.1)
      actionmailer (>= 3.0.4)
      activesupport (>= 3.0.4)
    execjs (2.2.2)
    factory_girl (4.5.0)
      activesupport (>= 3.0.0)
    factory_girl_rails (4.5.0)
      factory_girl (~> 4.5.0)
      railties (>= 3.0.0)
    faker (1.1.2)
      i18n (~> 0.5)
    faraday (0.9.0)
      multipart-post (>= 1.2, < 3)
    fb_graph (2.7.17)
      httpclient (>= 2.4)
      multi_json (>= 1.3)
      rack-oauth2 (>= 0.14.4)
      tzinfo
    ffi (1.9.6)
    font-awesome-rails (4.0.3.2)
      railties (>= 3.2, < 5.0)
    forgery (0.6.0)
    formatador (0.2.5)
    fuubar (1.3.3)
      rspec (>= 2.14.0, < 3.1.0)
      ruby-progressbar (~> 1.4)
    garelic (0.2.1)
    gemoji (1.5.0)
    guard (2.8.2)
      formatador (>= 0.2.4)
      listen (~> 2.7)
      lumberjack (~> 1.0)
      pry (>= 0.9.12)
      thor (>= 0.18.1)
    guard-rspec (4.3.1)
      guard (~> 2.1)
      rspec (>= 2.14, < 4.0)
    handlebars_assets (0.18)
      execjs (>= 1.2.9)
      multi_json
      sprockets (>= 2.0.3)
      tilt
    hashie (3.3.1)
    highline (1.6.21)
    hike (1.2.3)
    hirb (0.7.2)
    hitimes (1.2.2)
    httpclient (2.5.3.3)
    i18n (0.6.11)
    i18n-js (2.1.2)
      i18n
    jbuilder (1.5.3)
      activesupport (>= 3.0.0)
      multi_json (>= 1.2.0)
    jquery-rails (3.1.2)
      railties (>= 3.0, < 5.0)
      thor (>= 0.14, < 2.0)
    jquery-tablesorter (1.9.5)
      railties (>= 3.1, < 5)
    jquery-textcomplete-rails (0.1.3)
      coffee-rails (>= 3.2.0)
      railties (>= 3.2.0)
      sass-rails (>= 3.2.0)
    jquery-ui-rails (5.0.2)
      railties (>= 3.2.16)
    json (1.8.1)
    jwt (1.0.0)
    kaminari (0.15.1)
      actionpack (>= 3.0.0)
      activesupport (>= 3.0.0)
    kaminari-bootstrap (3.0.1)
      kaminari (>= 0.13.0)
      rails
    kgio (2.9.2)
    launchy (2.4.3)
      addressable (~> 2.3)
    lda-ruby (0.3.8)
      shoulda
    letter_opener (1.3.0)
      launchy (~> 2.2)
    libv8 (3.16.14.7)
    listen (2.8.0)
      celluloid (>= 0.15.2)
      rb-fsevent (>= 0.9.3)
      rb-inotify (>= 0.9)
    lumberjack (1.0.9)
    mail (2.5.4)
      mime-types (~> 1.16)
      treetop (~> 1.4.8)
    method_source (0.8.2)
    mime-types (1.25.1)
    mini_portile (0.6.1)
    minitest (5.4.3)
    momentjs-rails (2.8.3)
      railties (>= 3.1)
    multi_json (1.10.1)
    multi_xml (0.5.5)
    multipart-post (2.0.0)
    murmurhash3 (0.1.4)
    net-ldap (0.9.0)
    net-scp (1.2.1)
      net-ssh (>= 2.6.5)
    net-sftp (2.1.2)
      net-ssh (>= 2.6.5)
    net-ssh (2.9.1)
    net-ssh-gateway (1.2.0)
      net-ssh (>= 2.6.5)
    newrelic_rpm (3.9.7.266)
    nokogiri (1.6.4.1)
      mini_portile (~> 0.6.0)
    oauth2 (1.0.0)
      faraday (>= 0.8, < 0.10)
      jwt (~> 1.0)
      multi_json (~> 1.3)
      multi_xml (~> 0.5)
      rack (~> 1.2)
    omniauth (1.2.2)
      hashie (>= 1.2, < 4)
      rack (~> 1.0)
    omniauth-facebook (2.0.0)
      omniauth-oauth2 (~> 1.2)
    omniauth-oauth2 (1.2.0)
      faraday (>= 0.8, < 0.10)
      multi_json (~> 1.3)
      oauth2 (~> 1.0)
      omniauth (~> 1.2)
    orm_adapter (0.5.0)
    pg (0.17.1)
    poltergeist (1.5.1)
      capybara (~> 2.1)
      cliver (~> 0.3.1)
      multi_json (~> 1.0)
      websocket-driver (>= 0.2.0)
    polyglot (0.3.5)
    posix-spawn (0.3.9)
    pry (0.10.1)
      coderay (~> 1.1.0)
      method_source (~> 0.8.1)
      slop (~> 3.4)
    pry-debugger (0.2.3)
      debugger (~> 1.3)
      pry (>= 0.9.10, < 0.11.0)
    pygments.rb (0.6.0)
      posix-spawn (~> 0.3.6)
      yajl-ruby (~> 1.1.0)
    rack (1.5.2)
    rack-oauth2 (1.0.8)
      activesupport (>= 2.3)
      attr_required (>= 0.0.5)
      httpclient (>= 2.2.0.2)
      multi_json (>= 1.3.6)
      rack (>= 1.1)
    rack-test (0.6.2)
      rack (>= 1.0)
    rack-timeout (0.1.0)
    rails (4.1.0)
      actionmailer (= 4.1.0)
      actionpack (= 4.1.0)
      actionview (= 4.1.0)
      activemodel (= 4.1.0)
      activerecord (= 4.1.0)
      activesupport (= 4.1.0)
      bundler (>= 1.3.0, < 2.0)
      railties (= 4.1.0)
      sprockets-rails (~> 2.0)
    rails-i18n (4.0.3)
      i18n (~> 0.6)
      railties (~> 4.0)
    rails-timeago (2.11.1)
      actionpack (>= 3.1)
      activesupport (>= 3.1)
    railties (4.1.0)
      actionpack (= 4.1.0)
      activesupport (= 4.1.0)
      rake (>= 0.8.7)
      thor (>= 0.18.1, < 2.0)
    raindrops (0.13.0)
    rake (10.3.2)
    rb-fsevent (0.9.4)
    rb-inotify (0.9.5)
      ffi (>= 0.5.0)
    rdoc (4.1.2)
      json (~> 1.4)
    redcarpet (3.2.0)
    redis (3.2.1)
    redis-namespace (1.5.2)
      redis (~> 3.0, >= 3.0.4)
    ref (1.0.5)
    roadie (2.4.3)
      actionmailer (> 3.0.0, < 5.0.0)
      css_parser (~> 1.3.4)
      nokogiri (> 1.5.0)
      sprockets
    rspec (2.99.0)
      rspec-core (~> 2.99.0)
      rspec-expectations (~> 2.99.0)
      rspec-mocks (~> 2.99.0)
    rspec-collection_matchers (1.1.2)
      rspec-expectations (>= 2.99.0.beta1)
    rspec-core (2.99.2)
    rspec-expectations (2.99.2)
      diff-lcs (>= 1.1.3, < 2.0)
    rspec-mocks (2.99.2)
    rspec-rails (2.99.0)
      actionpack (>= 3.0)
      activemodel (>= 3.0)
      activesupport (>= 3.0)
      railties (>= 3.0)
      rspec-collection_matchers
      rspec-core (~> 2.99.0)
      rspec-expectations (~> 2.99.0)
      rspec-mocks (~> 2.99.0)
    ruby-progressbar (1.7.0)
    rubyzip (1.1.6)
    rvm-capistrano (1.5.5)
      capistrano (~> 2.15.4)
    sass (3.2.19)
    sass-rails (4.0.4)
      railties (>= 4.0.0, < 5.0)
      sass (~> 3.2.2)
      sprockets (~> 2.8, < 2.12)
      sprockets-rails (~> 2.0)
    sdoc (0.4.1)
      json (~> 1.7, >= 1.7.7)
      rdoc (~> 4.0)
    select2-rails (3.4.9)
      sass-rails
      thor (~> 0.14)
    selenium-webdriver (2.44.0)
      childprocess (~> 0.5)
      multi_json (~> 1.0)
      rubyzip (~> 1.0)
      websocket (~> 1.0)
    shoulda (3.5.0)
      shoulda-context (~> 1.0, >= 1.0.1)
      shoulda-matchers (>= 1.4.1, < 3.0)
    shoulda-context (1.2.1)
    shoulda-matchers (2.7.0)
      activesupport (>= 3.0.0)
    sidekiq (2.15.2)
      celluloid (>= 0.15.2)
      connection_pool (>= 1.0.0)
      json
      redis (>= 3.0.4)
      redis-namespace (>= 1.3.1)
    simplecov (0.9.1)
      docile (~> 1.1.0)
      multi_json (~> 1.0)
      simplecov-html (~> 0.8.0)
    simplecov-html (0.8.0)
    slop (3.6.0)
    sprockets (2.11.3)
      hike (~> 1.2)
      multi_json (~> 1.0)
      rack (~> 1.0)
      tilt (~> 1.1, != 1.3.0)
    sprockets-rails (2.2.0)
      actionpack (>= 3.0)
      activesupport (>= 3.0)
      sprockets (>= 2.8, < 4.0)
    squire (1.3.6)
      activesupport (>= 3.0.0)
    statistics2 (0.54)
    symbolize (4.5.0)
      activemodel (>= 3.2, < 5)
      activesupport (>= 3.2, < 5)
    tf_idf (0.0.2)
    therubyracer (0.12.1)
      libv8 (~> 3.16.14.0)
      ref
    thor (0.19.1)
    thread_safe (0.3.4)
    tilt (1.4.1)
    timecop (0.7.1)
    timers (4.0.1)
      hitimes
    treetop (1.4.15)
      polyglot
      polyglot (>= 0.3.1)
    tzinfo (1.2.2)
      thread_safe (~> 0.1)
    uglifier (2.5.3)
      execjs (>= 0.3.0)
      json (>= 1.8.0)
    unicorn (4.8.3)
      kgio (~> 2.6)
      rack
      raindrops (~> 0.7)
    warden (1.2.3)
      rack (>= 1.0)
    websocket (1.2.1)
    websocket-driver (0.4.0)
    whenever (0.9.4)
      chronic (>= 0.6.3)
    xpath (2.0.0)
      nokogiri (~> 1.3)
    yajl-ruby (1.1.0)

PLATFORMS
  ruby

DEPENDENCIES
  actionview-encoded_mail_to
  active_model_serializers
  activerecord-custom_timestamps
  activerecord-import
  bootstrap-datepicker-rails (~> 1.3.0)
  bootstrap-sass (~> 3.1.1)
  bump!
  cal-heatmap-rails (~> 0.0.1)
  cancan (~> 1.6.9)
  capistrano (~> 2.15.5)
  capistrano-ext
  capybara (~> 2.2.1)
  codeclimate-test-reporter
  coffee-rails (~> 4.0.0)
  d3_rails (~> 3.4.6)
  database_cleaner (~> 1.2.0)
  devise (~> 3.1.1)
  elasticsearch
  exception_notification
  factory_girl_rails
  faker (= 1.1.2)
  fb_graph
  font-awesome-rails (~> 4.0.3)
  forgery
  fuubar
  garelic
  gemoji (~> 1.5.0)
  guard-rspec
  handlebars_assets
  hirb
  i18n-js (~> 2.1.2)
  jbuilder (~> 1.2)
  jquery-rails
  jquery-tablesorter (~> 1.9.5)
  jquery-textcomplete-rails (~> 0.1.2)
  jquery-ui-rails
  kaminari (~> 0.15.1)
  kaminari-bootstrap (~> 3.0.1)
  launchy
  lda-ruby
  letter_opener
  momentjs-rails
  murmurhash3
  net-ldap
  newrelic_rpm
  nokogiri (~> 1.6.1)
  omniauth-facebook
  pg
  poltergeist (~> 1.5.0)
  pry
  pry-debugger
  pygments.rb
  rack-timeout
  rails (= 4.1.0)
  rails-i18n (~> 4.0.0)
  rails-timeago (~> 2.0)
  redcarpet
  roadie
  rspec-rails (~> 2.0)
  rvm-capistrano
  sass-rails (~> 4.0.3)
  scout!
  sdoc
  select2-rails (~> 3.4.9)
  selenium-webdriver
  simplecov
  squire (~> 1.3.6)
  statistics2
  symbolize
  tf_idf
  therubyracer
  timecop
  uglifier (>= 1.3.0)
  unicorn
  whenever
